GEM
  remote: http://rubygems.org/
  specs:
    actionmailer (2.3.15)
      actionpack (= 2.3.15)
    actionpack (2.3.15)
      activesupport (= 2.3.15)
      rack (~> 1.1.3)
    activerecord (2.3.15)
      activesupport (= 2.3.15)
    activeresource (2.3.15)
      activesupport (= 2.3.15)
    activesupport (2.3.15)
    airbrake (3.1.8)
      activesupport
      builder
      json
    binding_of_caller (0.7.1)
      debug_inspector (>= 0.0.1)
    builder (3.2.0)
    coderay (1.0.9)
    columnize (0.3.6)
    daemons (1.1.9)
    debug_inspector (0.0.2)
    debugger (1.4.0)
      columnize (>= 0.3.1)
      debugger-linecache (~> 1.1.1)
      debugger-ruby_core_source (~> 1.2.0)
    debugger-linecache (1.1.2)
      debugger-ruby_core_source (>= 1.1.1)
    debugger-ruby_core_source (1.2.0)
    eventmachine (1.0.3)
    haml (3.1.8)
    hpricot (0.8.6)
    i18n (0.5.0)
    json (1.7.7)
    libxml-ruby (2.2.2)
    memcache-client (1.8.5)
    method_source (0.8.1)
    mime-types (1.21)
    mysql (2.8.1)
    ncbo_annotator (1.0.13)
      libxml-ruby (~> 2.2.0)
    ncbo_resource_index (1.3)
      libxml-ruby (~> 2.2.0)
    pry (0.9.12)
      coderay (~> 1.0.5)
      method_source (~> 0.8)
      slop (~> 3.4)
    pry-nav (0.2.3)
      pry (~> 0.9.10)
    pry-stack_explorer (0.4.9)
      binding_of_caller (>= 0.7)
      pry (~> 0.9.11)
    rack (1.1.6)
    rails (2.3.15)
      actionmailer (= 2.3.15)
      actionpack (= 2.3.15)
      activerecord (= 2.3.15)
      activeresource (= 2.3.15)
      activesupport (= 2.3.15)
      rake (>= 0.8.3)
    rake (10.0.3)
    rdoc (4.0.0)
      json (~> 1.4)
    recaptcha (0.3.5)
    rest-client (1.6.7)
      mime-types (>= 1.16)
    slop (3.4.3)
    thin (1.5.0)
      daemons (>= 1.0.9)
      eventmachine (>= 0.12.6)
      rack (>= 1.0.0)
    will_paginate (2.3.16)

PLATFORMS
  ruby

DEPENDENCIES
  airbrake
  debugger
  haml (< 4.0.0)
  hpricot (~> 0.8.6)
  i18n (~> 0.5.0)
  libxml-ruby (~> 2.2.0)
  memcache-client (~> 1.8.5)
  mysql (~> 2.8.1)
  ncbo_annotator (>= 1.0.13)
  ncbo_resource_index (>= 1.3)
  pry
  pry-nav
  pry-stack_explorer
  rails (= 2.3.15)
  rdoc
  recaptcha (~> 0.3.1)
  rest-client (~> 1.6.1)
  thin
  will_paginate (< 3.0)
