GIT
  remote: https://github.com/ncbo/ncbo_resolver.git
  revision: 67989c445e53e019b3b3fa4905e0aa9d519df0ed
  specs:
    ncbo_resolver (0.0.1)
      recursive-open-struct
      redis

GIT
  remote: https://github.com/ncbo/ontologies_api_ruby_client.git
  revision: dea6530e6f2adcb290c5d22bde2c27b98a105261
  specs:
    ontologies_api_client (0.0.2)
      excon
      faraday
      multi_json
      oj (<= 2.0.14)

GEM
  remote: https://rubygems.org/
  specs:
    actionmailer (2.3.17)
      actionpack (= 2.3.17)
    actionpack (2.3.17)
      activesupport (= 2.3.17)
      rack (~> 1.1.0)
    activerecord (2.3.17)
      activesupport (= 2.3.17)
    activeresource (2.3.17)
      activesupport (= 2.3.17)
    activesupport (2.3.17)
    coderay (1.0.9)
    cube-ruby (0.0.3)
    daemons (1.1.9)
    eventmachine (1.0.3)
    excon (0.28.0)
    faraday (0.8.8)
      multipart-post (~> 1.2.0)
    haml (3.1.8)
    hodel_3000_compliant_logger (0.1.1)
    hpricot (0.8.6)
    i18n (0.5.0)
    iconv (1.0.3)
    json (1.8.1)
    kgio (2.8.1)
    memcache-client (1.8.5)
    method_source (0.8.2)
    mime-types (2.0)
    multi_json (1.8.2)
    multipart-post (1.2.0)
    mysql (2.8.1)
    oink (0.10.1)
      activerecord
      hodel_3000_compliant_logger
    oj (2.0.14)
    pry (0.9.12.2)
      coderay (~> 1.0.5)
      method_source (~> 0.8)
      slop (~> 3.4)
    pry-nav (0.2.3)
      pry (~> 0.9.10)
    rack (1.1.6)
    rack-mini-profiler (0.1.31)
      rack (>= 1.1.3)
    rails (2.3.17)
      actionmailer (= 2.3.17)
      actionpack (= 2.3.17)
      activerecord (= 2.3.17)
      activeresource (= 2.3.17)
      activesupport (= 2.3.17)
      rake (>= 0.8.3)
    raindrops (0.12.0)
    rake (10.1.0)
    rdoc (4.0.1)
      json (~> 1.4)
    recaptcha (0.3.5)
    recursive-open-struct (0.4.5)
    redis (3.0.5)
    rest-client (1.6.7)
      mime-types (>= 1.16)
    slop (3.4.6)
    thin (1.6.1)
      daemons (>= 1.0.9)
      eventmachine (>= 1.0.0)
      rack (>= 1.0.0)
    unicorn (4.7.0)
      kgio (~> 2.6)
      rack
      raindrops (~> 0.7)
    will_paginate (2.3.16)

PLATFORMS
  ruby

DEPENDENCIES
  cube-ruby
  haml (< 4.0.0)
  hpricot (~> 0.8.6)
  i18n (~> 0.5.0)
  iconv
  memcache-client (~> 1.8.5)
  mysql (~> 2.8.1)
  ncbo_resolver!
  oink
  ontologies_api_client!
  pry
  pry-nav
  rack-mini-profiler
  rails (= 2.3.17)
  rdoc
  recaptcha (~> 0.3.1)
  rest-client (~> 1.6.1)
  thin
  unicorn
  will_paginate (< 3.0)
