GEM
  remote: http://rubygems.org/
  specs:
    actionmailer (2.3.14)
      actionpack (= 2.3.14)
    actionpack (2.3.14)
      activesupport (= 2.3.14)
      rack (~> 1.1.0)
    activerecord (2.3.14)
      activesupport (= 2.3.14)
    activeresource (2.3.14)
      activesupport (= 2.3.14)
    activesupport (2.3.14)
    airbrake (3.0.9)
      activesupport
      builder
    binding_of_caller (0.6.8)
    builder (3.0.3)
    coderay (1.0.7)
    columnize (0.3.6)
    daemons (1.1.8)
    debugger (1.1.3)
      columnize (>= 0.3.1)
      debugger-linecache (~> 1.1.1)
      debugger-ruby_core_source (~> 1.1.2)
    debugger-linecache (1.1.1)
      debugger-ruby_core_source (>= 1.1.1)
    debugger-ruby_core_source (1.1.2)
    eventmachine (1.0.0)
    haml (3.1.6)
    hpricot (0.8.6)
    i18n (0.5.0)
    libxml-ruby (2.2.2)
    memcache-client (1.8.5)
    method_source (0.8)
    mime-types (1.18)
    mysql (2.8.1)
    ncbo_annotator (1.0.13)
      libxml-ruby (~> 2.2.0)
    ncbo_resource_index (1.1)
      libxml-ruby (~> 2.2.0)
    pry (0.9.10)
      coderay (~> 1.0.5)
      method_source (~> 0.8)
      slop (~> 3.3.1)
    pry-nav (0.2.2)
      pry (~> 0.9.10)
    pry-stack_explorer (0.4.7)
      binding_of_caller (~> 0.6.8)
    rack (1.1.3)
    rails (2.3.14)
      actionmailer (= 2.3.14)
      actionpack (= 2.3.14)
      activerecord (= 2.3.14)
      activeresource (= 2.3.14)
      activesupport (= 2.3.14)
      rake (>= 0.8.3)
    rake (0.9.2.2)
    recaptcha (0.3.4)
    rest-client (1.6.7)
      mime-types (>= 1.16)
    slop (3.3.3)
    thin (1.5.0)
      daemons (>= 1.0.9)
      eventmachine (>= 0.12.6)
      rack (>= 1.0.0)
    will_paginate (2.3.16)

PLATFORMS
  ruby

DEPENDENCIES
  airbrake
  debugger
  haml
  hpricot (~> 0.8.6)
  i18n (~> 0.5.0)
  libxml-ruby (~> 2.2.0)
  memcache-client (~> 1.8.5)
  mysql (~> 2.8.1)
  ncbo_annotator (>= 1.0.13)
  ncbo_resource_index (>= 1.1)
  pry
  pry-nav
  pry-stack_explorer
  rails (= 2.3.14)
  recaptcha (~> 0.3.1)
  rest-client (~> 1.6.1)
  thin
  will_paginate (< 3.0)
