GIT
  remote: https://github.com/ncbo/ncbo_resolver.git
  revision: 67989c445e53e019b3b3fa4905e0aa9d519df0ed
  specs:
    ncbo_resolver (0.0.1)
      recursive-open-struct
      redis

GIT
  remote: https://github.com/ncbo/ontologies_api_ruby_client.git
  revision: c3dc28e9aa56a5eb16f2bca612a8aca39e0b6a78
  specs:
    ontologies_api_client (0.0.6)
      activesupport (<= 3.0)
      excon
      faraday
      lz4-ruby
      multi_json
      oj

GIT
  remote: https://github.com/planio-gmbh/rackstash.git
  revision: 93a1cc1fb74b11f213012a516389420320c9ef98
  specs:
    rackstash (0.0.1)
      activesupport
      logstash-event (< 1.2.0)
      thor

GEM
  remote: https://rubygems.org/
  specs:
    actionmailer (2.3.18)
      actionpack (= 2.3.18)
    actionpack (2.3.18)
      activesupport (= 2.3.18)
      rack (~> 1.1.0)
    activerecord (2.3.18)
      activesupport (= 2.3.18)
    activeresource (2.3.18)
      activesupport (= 2.3.18)
    activesupport (2.3.18)
    coderay (1.1.0)
    cube-ruby (0.0.3)
    daemons (1.1.9)
    eventmachine (1.0.7)
    excon (0.44.2)
    faraday (0.9.1)
      multipart-post (>= 1.2, < 3)
    haml (3.1.8)
    hodel_3000_compliant_logger (0.1.1)
    hpricot (0.8.6)
    i18n (0.5.4)
    iconv (1.0.4)
    json (1.8.2)
    kgio (2.9.3)
    logstash-event (1.1.5)
    lz4-ruby (0.3.3)
    memcache-client (1.8.5)
    method_source (0.8.2)
    mime-types (1.25.1)
    multi_json (1.10.1)
    multipart-post (2.0.0)
    mysql (2.8.1)
    oink (0.10.1)
      activerecord
      hodel_3000_compliant_logger
    oj (2.11.4)
    pry (0.10.1)
      coderay (~> 1.1.0)
      method_source (~> 0.8.1)
      slop (~> 3.4)
    rack (1.1.6)
    rack-mini-profiler (0.9.2)
      rack (>= 1.1.3)
    rails (2.3.18)
      actionmailer (= 2.3.18)
      actionpack (= 2.3.18)
      activerecord (= 2.3.18)
      activeresource (= 2.3.18)
      activesupport (= 2.3.18)
      rake (>= 0.8.3)
    raindrops (0.13.0)
    rake (10.4.2)
    rdoc (4.2.0)
      json (~> 1.4)
    recaptcha (0.3.4)
    recursive-open-struct (0.5.0)
    redis (3.2.1)
    rest-client (1.6.8)
      mime-types (~> 1.16)
      rdoc (>= 2.4.2)
    slop (3.6.0)
    thin (1.6.3)
      daemons (~> 1.0, >= 1.0.9)
      eventmachine (~> 1.0)
      rack (~> 1.0)
    thor (0.19.1)
    unicorn (4.8.3)
      kgio (~> 2.6)
      rack
      raindrops (~> 0.7)
    will_paginate (2.3.16)

PLATFORMS
  ruby

DEPENDENCIES
  cube-ruby
  haml (< 4.0.0)
  hpricot (~> 0.8.6)
  i18n (~> 0.5.0)
  iconv
  memcache-client (~> 1.8.5)
  multi_json
  mysql (~> 2.8.1)
  ncbo_resolver!
  oink
  oj
  ontologies_api_client!
  pry
  rack-mini-profiler
  rackstash!
  rails (= 2.3.18)
  rdoc
  recaptcha (= 0.3.4)
  rest-client (~> 1.6.1)
  thin
  unicorn
  will_paginate (< 3.0)
