GIT
  remote: https://github.com/ncbo/faraday-http-cache.git
  revision: 5f6ddabc206218b8b837a332a8fbd253e93b70c4
  specs:
    faraday-http-cache (0.2.1)
      activesupport (>= 2.0)
      faraday (~> 0.8)
      multi_json (~> 1.3)

GIT
  remote: https://github.com/ncbo/ontologies_api_ruby_client.git
  revision: 0081bf6ad1785cd8f994144cfb3c0f8dc1619117
  specs:
    ontologies_api_client (0.0.2)
      faraday
      multi_json
      oj (<= 2.0.14)
      typhoeus

GEM
  remote: https://rubygems.org/
  specs:
    actionmailer (2.3.17)
      actionpack (= 2.3.17)
    actionpack (2.3.17)
      activesupport (= 2.3.17)
      rack (~> 1.1.0)
    activerecord (2.3.17)
      activesupport (= 2.3.17)
    activeresource (2.3.17)
      activesupport (= 2.3.17)
    activesupport (2.3.17)
    coderay (1.0.9)
    columnize (0.3.6)
    daemons (1.1.9)
    debugger (1.6.1)
      columnize (>= 0.3.1)
      debugger-linecache (~> 1.2.0)
      debugger-ruby_core_source (~> 1.2.3)
    debugger-linecache (1.2.0)
    debugger-ruby_core_source (1.2.3)
    ethon (0.6.0)
      ffi (>= 1.3.0)
      mime-types (~> 1.18)
    eventmachine (1.0.3)
    faraday (0.8.8)
      multipart-post (~> 1.2.0)
    ffi (1.9.0)
    haml (3.1.8)
    hpricot (0.8.6)
    i18n (0.5.0)
    iconv (1.0.3)
    json (1.8.0)
    libxml-ruby (2.2.2)
    memcache-client (1.8.5)
    method_source (0.8.2)
    mime-types (1.24)
    multi_json (1.7.9)
    multipart-post (1.2.0)
    mysql (2.8.1)
    oj (2.0.14)
    pry (0.9.12.2)
      coderay (~> 1.0.5)
      method_source (~> 0.8)
      slop (~> 3.4)
    pry-nav (0.2.3)
      pry (~> 0.9.10)
    rack (1.1.6)
    rack-mini-profiler (0.1.28)
      rack (>= 1.1.3)
    rails (2.3.17)
      actionmailer (= 2.3.17)
      actionpack (= 2.3.17)
      activerecord (= 2.3.17)
      activeresource (= 2.3.17)
      activesupport (= 2.3.17)
      rake (>= 0.8.3)
    rake (10.1.0)
    rdoc (4.0.1)
      json (~> 1.4)
    recaptcha (0.3.5)
    rest-client (1.6.7)
      mime-types (>= 1.16)
    slop (3.4.6)
    thin (1.5.1)
      daemons (>= 1.0.9)
      eventmachine (>= 0.12.6)
      rack (>= 1.0.0)
    typhoeus (0.6.4)
      ethon (~> 0.6.0)
    will_paginate (2.3.16)

PLATFORMS
  ruby

DEPENDENCIES
  debugger
  faraday-http-cache!
  haml (< 4.0.0)
  hpricot (~> 0.8.6)
  i18n (~> 0.5.0)
  iconv
  libxml-ruby (~> 2.2.0)
  memcache-client (~> 1.8.5)
  mysql (~> 2.8.1)
  ontologies_api_client!
  pry
  pry-nav
  rack-mini-profiler
  rails (= 2.3.17)
  rdoc
  recaptcha (~> 0.3.1)
  rest-client (~> 1.6.1)
  thin
  will_paginate (< 3.0)
